GEM
  remote: https://rubygems.org/
  specs:
    awesome_bot (1.17.1)
      parallel (= 1.11.2)
    parallel (1.11.2)

PLATFORMS
  ruby

DEPENDENCIES
  awesome_bot

BUNDLED WITH
   1.15.4
